GEM
  remote: https://rubygems.org/
  specs:
    activesupport (5.0.1)
      concurrent-ruby (~> 1.0, >= 1.0.2)
      i18n (~> 0.7)
      minitest (~> 5.1)
      tzinfo (~> 1.1)
    addressable (2.6.0)
      public_suffix (>= 2.0.2, < 4.0)
    blankslate (2.1.2.4)
    cacert (0.3.0)
    colorator (1.1.0)
    concurrent-ruby (1.0.3)
    dato (0.3.3)
      activesupport (>= 4.2.7)
      addressable
      cacert
      dotenv
      downloadr
      faraday (>= 0.9.0)
      faraday_middleware (>= 0.9.0)
      fastimage
      imgix (>= 0.3.1)
      pusher-client
      thor
      toml
      video_embed
    domain_name (0.5.20161129)
      unf (>= 0.0.5, < 1.0.0)
    dotenv (2.1.1)
    downloadr (0.0.41)
      addressable (~> 2.3)
      rest-client (~> 1.7)
    em-websocket (0.5.1)
      eventmachine (>= 0.12.9)
      http_parser.rb (~> 0.6.0)
    eventmachine (1.2.7)
    faraday (0.10.0)
      multipart-post (>= 1.2, < 3)
    faraday_middleware (0.10.1)
      faraday (>= 0.7.4, < 1.0)
    fastimage (2.0.1)
      addressable (~> 2)
    ffi (1.11.1)
    forwardable-extended (2.6.0)
    http-cookie (1.0.3)
      domain_name (~> 0.5)
    http_parser.rb (0.6.0)
    i18n (0.7.0)
    imgix (1.1.0)
      addressable
    jekyll (3.8.6)
      addressable (~> 2.4)
      colorator (~> 1.0)
      em-websocket (~> 0.5)
      i18n (~> 0.7)
      jekyll-sass-converter (~> 1.0)
      jekyll-watch (~> 2.0)
      kramdown (~> 1.14)
      liquid (~> 4.0)
      mercenary (~> 0.3.3)
      pathutil (~> 0.9)
      rouge (>= 1.7, < 4)
      safe_yaml (~> 1.0)
    jekyll-sass-converter (1.5.2)
      sass (~> 3.4)
    jekyll-watch (2.2.1)
      listen (~> 3.0)
    json (2.0.2)
    kramdown (1.17.0)
    liquid (4.0.3)
    listen (3.1.5)
      rb-fsevent (~> 0.9, >= 0.9.4)
      rb-inotify (~> 0.9, >= 0.9.7)
      ruby_dep (~> 1.2)
    mercenary (0.3.6)
    mime-types (2.99.3)
    minitest (5.10.1)
    multipart-post (2.0.0)
    netrc (0.11.0)
    octopress-hooks (2.6.2)
      jekyll (>= 2.0)
    octopress-paginate (1.2.0)
      octopress-hooks
    parslet (1.5.0)
      blankslate (~> 2.0)
    pathutil (0.16.2)
      forwardable-extended (~> 2.6)
    public_suffix (3.1.1)
    pusher-client (0.6.2)
      json
      websocket (~> 1.0)
    rb-fsevent (0.10.3)
    rb-inotify (0.10.0)
      ffi (~> 1.0)
    rest-client (1.8.0)
      http-cookie (>= 1.0.2, < 2.0)
      mime-types (>= 1.16, < 3.0)
      netrc (~> 0.7)
    rouge (3.5.1)
    ruby_dep (1.5.0)
    safe_yaml (1.0.5)
    sass (3.7.4)
      sass-listen (~> 4.0.0)
    sass-listen (4.0.0)
      rb-fsevent (~> 0.9, >= 0.9.4)
      rb-inotify (~> 0.9, >= 0.9.7)
    thor (0.19.4)
    thread_safe (0.3.5)
    toml (0.1.2)
      parslet (~> 1.5.0)
    tzinfo (1.2.2)
      thread_safe (~> 0.1)
    unf (0.1.4)
      unf_ext
    unf_ext (0.0.7.2)
    video_embed (0.1.0)
    websocket (1.2.3)

PLATFORMS
  ruby

DEPENDENCIES
  dato
  jekyll (>= 3.6.3)
  octopress-paginate (>= 1.2.0)

RUBY VERSION
   ruby 2.3.1p112

BUNDLED WITH
   1.17.3
