GEM
  remote: https://rubygems.org/
  specs:
    activesupport (5.2.8.1)
      concurrent-ruby (~> 1.0, >= 1.0.2)
      i18n (>= 0.7, < 2)
      minitest (~> 5.1)
      tzinfo (~> 1.1)
    addressable (2.8.1)
      public_suffix (>= 2.0.2, < 6.0)
    cacert (0.7.0)
    colorator (1.1.0)
    concurrent-ruby (1.2.2)
    dato (0.8.2)
      activesupport (>= 4.2.7)
      addressable
      cacert
      dato_json_schema
      dotenv
      faraday (>= 0.9.0)
      faraday_middleware (>= 0.9.0)
      imgix (~> 4)
      listen
      mime-types
      pusher-client
      thor
      toml
    dato_json_schema (0.20.9)
    dotenv (2.8.1)
    faraday (1.0.1)
      multipart-post (>= 1.2, < 3)
    faraday_middleware (1.2.0)
      faraday (~> 1.0)
    ffi (1.9.14)
    forwardable-extended (2.6.0)
    i18n (1.12.0)
      concurrent-ruby (~> 1.0)
    imgix (4.1.0)
    jekyll (3.3.1)
      addressable (~> 2.4)
      colorator (~> 1.0)
      jekyll-sass-converter (~> 1.0)
      jekyll-watch (~> 1.1)
      kramdown (~> 1.3)
      liquid (~> 3.0)
      mercenary (~> 0.3.3)
      pathutil (~> 0.9)
      rouge (~> 1.7)
      safe_yaml (~> 1.0)
    jekyll-sass-converter (1.5.0)
      sass (~> 3.4)
    jekyll-watch (1.5.0)
      listen (~> 3.0, < 3.1)
    json (2.6.3)
    kramdown (1.13.1)
    liquid (3.0.6)
    listen (3.0.8)
      rb-fsevent (~> 0.9, >= 0.9.4)
      rb-inotify (~> 0.9, >= 0.9.7)
    mercenary (0.3.6)
    mime-types (3.4.1)
      mime-types-data (~> 3.2015)
    mime-types-data (3.2023.0218.1)
    minitest (5.15.0)
    multipart-post (2.3.0)
    octopress-hooks (2.6.2)
      jekyll (>= 2.0)
    octopress-paginate (1.2.0)
      octopress-hooks
    parslet (2.0.0)
    pathutil (0.14.0)
      forwardable-extended (~> 2.6)
    public_suffix (4.0.7)
    pusher-client (0.6.2)
      json
      websocket (~> 1.0)
    rb-fsevent (0.9.8)
    rb-inotify (0.9.7)
      ffi (>= 0.5.0)
    rouge (1.11.1)
    safe_yaml (1.0.4)
    sass (3.4.22)
    thor (1.2.1)
    thread_safe (0.3.6)
    toml (0.3.0)
      parslet (>= 1.8.0, < 3.0.0)
    tzinfo (1.2.11)
      thread_safe (~> 0.1)
    websocket (1.2.9)

PLATFORMS
  ruby

DEPENDENCIES
  dato
  jekyll
  octopress-paginate

RUBY VERSION
   ruby 2.3.1p112

BUNDLED WITH
   1.17.3
